GEM
  remote: https://rubygems.org/
  specs:
    activesupport (5.0.2)
      concurrent-ruby (~> 1.0, >= 1.0.2)
      i18n (~> 0.7)
      minitest (~> 5.1)
      tzinfo (~> 1.1)
    amq-protocol (2.1.0)
    bunny (2.6.4)
      amq-protocol (>= 2.0.1)
    colorize (0.7.7)
    concurrent-ruby (1.0.5)
    i18n (0.8.1)
    minitest (5.10.1)
    require_all (1.4.0)
    thread_safe (0.3.6)
    tzinfo (1.2.3)
      thread_safe (~> 0.1)

PLATFORMS
  ruby

DEPENDENCIES
  activesupport
  bunny
  colorize
  require_all

BUNDLED WITH
   1.14.6
